GEM
  remote: https://rubygems.org/
  specs:
    faraday (0.8.8)
      multipart-post (~> 1.2.0)
    feralchimp (1.0.0)
      faraday (~> 0.8)
      json (~> 1.8)
    json (1.8.1)
    multipart-post (1.2.0)
    rack (1.5.2)
    rack-protection (1.5.1)
      rack
    sinatra (1.4.4)
      rack (~> 1.4)
      rack-protection (~> 1.4)
      tilt (~> 1.3, >= 1.3.4)
    sinatra-cross_origin (0.3.2)
    tilt (1.4.1)

PLATFORMS
  ruby

DEPENDENCIES
  feralchimp
  json
  sinatra
  sinatra-cross_origin
